GEM
  remote: https://rubygems.org/
  specs:
    mini_portile2 (2.3.0)
    nokogiri (1.8.1)
      mini_portile2 (~> 2.3.0)
    ruby-sun-times (0.1.5)
    timezone (1.2.9)

PLATFORMS
  ruby

DEPENDENCIES
  nokogiri
  ruby-sun-times
  timezone

BUNDLED WITH
   1.11.2
